GEM
  remote: https://rubygems.org/
  specs:
    em-proxy (0.1.8)
      eventmachine
    eventmachine (1.0.3)
    ffi (1.9.0)
    heroku-forward (0.3.1)
      em-proxy (>= 0.1.8)
      ffi
      i18n (~> 0.6)
      spoon (~> 0.0.1)
    i18n (0.6.4)
    kgio (2.8.0)
    rack (1.5.2)
    raindrops (0.11.0)
    sinatra (1.1.0)
      rack (~> 1.1)
      tilt (~> 1.1)
    spoon (0.0.4)
      ffi
    tilt (1.4.1)
    unicorn (4.6.2)
      kgio (~> 2.6)
      rack
      raindrops (~> 0.7)

PLATFORMS
  ruby

DEPENDENCIES
  heroku-forward
  sinatra (= 1.1.0)
  unicorn
